GEM
  remote: https://rubygems.org/
  specs:
    activesupport (4.2.5.1)
      i18n (~> 0.7)
      json (~> 1.7, >= 1.7.7)
      minitest (~> 5.1)
      thread_safe (~> 0.3, >= 0.3.4)
      tzinfo (~> 1.1)
    awesome_print (1.6.1)
    coderay (1.1.1)
    diff-lcs (1.2.5)
    find_a_port (1.0.1)
    i18n (0.7.0)
    json (1.8.3)
    method_source (0.8.2)
    minitest (5.8.4)
    pact (1.9.0)
      awesome_print (~> 1.1)
      find_a_port (~> 1.0.1)
      json
      pact-mock_service (~> 0.7)
      pact-support (~> 0.5)
      rack-test (~> 0.6.2)
      randexp (~> 0.1.7)
      rspec (>= 2.14)
      term-ansicolor (~> 1.0)
      thor
      webrick
    pact-mock_service (0.8.1)
      find_a_port (~> 1.0.1)
      json
      pact-support (~> 0.5.3)
      rack
      rack-test (~> 0.6.2)
      rspec (>= 2.14)
      term-ansicolor (~> 1.0)
      thor
      webrick
    pact-support (0.5.4)
      awesome_print (~> 1.1)
      find_a_port (~> 1.0.1)
      json
      rack-test (~> 0.6.2)
      randexp (~> 0.1.7)
      rspec (>= 2.14)
      term-ansicolor (~> 1.0)
      thor
    pry (0.10.3)
      coderay (~> 1.1.0)
      method_source (~> 0.8.1)
      slop (~> 3.4)
    rack (1.6.4)
    rack-protection (1.5.3)
      rack
    rack-test (0.6.3)
      rack (>= 1.0)
    rake (10.5.0)
    randexp (0.1.7)
    rspec (3.4.0)
      rspec-core (~> 3.4.0)
      rspec-expectations (~> 3.4.0)
      rspec-mocks (~> 3.4.0)
    rspec-core (3.4.3)
      rspec-support (~> 3.4.0)
    rspec-expectations (3.4.0)
      diff-lcs (>= 1.2.0, < 2.0)
      rspec-support (~> 3.4.0)
    rspec-mocks (3.4.1)
      diff-lcs (>= 1.2.0, < 2.0)
      rspec-support (~> 3.4.0)
    rspec-support (3.4.1)
    sinatra (1.4.7)
      rack (~> 1.5)
      rack-protection (~> 1.4)
      tilt (>= 1.3, < 3)
    slop (3.6.0)
    term-ansicolor (1.3.2)
      tins (~> 1.0)
    thor (0.19.1)
    thread_safe (0.3.5)
    tilt (2.0.2)
    tins (1.9.0)
    tzinfo (1.2.2)
      thread_safe (~> 0.1)
    webrick (1.3.1)

PLATFORMS
  ruby

DEPENDENCIES
  activesupport
  awesome_print
  pact
  pry
  rack
  rake
  rspec
  sinatra

BUNDLED WITH
   1.11.2
